PATH
  remote: .
  specs:
    ruby-mysql (4.0.0)

GEM
  remote: http://rubygems.org/
  specs:
    diff-lcs (1.5.0)
    power_assert (1.1.7)
    rake (13.0.6)
    rspec (3.12.0)
      rspec-core (~> 3.12.0)
      rspec-expectations (~> 3.12.0)
      rspec-mocks (~> 3.12.0)
    rspec-core (3.12.0)
      rspec-support (~> 3.12.0)
    rspec-expectations (3.12.0)
      diff-lcs (>= 1.2.0, < 2.0)
      rspec-support (~> 3.12.0)
    rspec-mocks (3.12.0)
      diff-lcs (>= 1.2.0, < 2.0)
      rspec-support (~> 3.12.0)
    rspec-power_assert (1.1.0)
      power_assert (~> 1.1.0)
      rspec (>= 2.14)
    rspec-support (3.12.0)

PLATFORMS
  ruby

DEPENDENCIES
  rake
  rspec
  rspec-power_assert
  ruby-mysql!

BUNDLED WITH
   2.3.7
